PATH
  remote: .
  specs:
    bam (0.0.7)

GEM
  remote: http://rubygems.org/
  specs:

PLATFORMS
  ruby

DEPENDENCIES
  bam!

BUNDLED WITH
   1.10.6
